GEM
  remote: https://rubygems.org/
  specs:
    coderay (1.1.0)
    diff-lcs (1.2.5)
    dotenv (0.9.0)
    excon (0.31.0)
    gherkin (2.12.2)
      multi_json (~> 1.3)
    method_source (0.8.2)
    multi_json (1.8.2)
    pry (0.9.12.4)
      coderay (~> 1.0)
      method_source (~> 0.8)
      slop (~> 3.4)
    rspec (2.14.1)
      rspec-core (~> 2.14.0)
      rspec-expectations (~> 2.14.0)
      rspec-mocks (~> 2.14.0)
    rspec-core (2.14.7)
    rspec-expectations (2.14.4)
      diff-lcs (>= 1.1.3, < 2.0)
    rspec-mocks (2.14.4)
    slop (3.4.7)
    turnip (1.1.0)
      gherkin (>= 2.5)
      rspec (~> 2.0)
    vcr (2.8.0)

PLATFORMS
  ruby

DEPENDENCIES
  dotenv
  excon (~> 0.31)
  pry
  rspec (~> 2.14)
  turnip (~> 1.1)
  vcr
